PATH
  remote: .
  specs:
    action_logic (0.2.8)

GEM
  remote: https://rubygems.org/
  specs:
    codecov (0.1.4)
      json
      simplecov
      url
    coderay (1.1.0)
    diff-lcs (1.2.5)
    docile (1.1.5)
    json (1.8.3)
    method_source (0.8.2)
    pry (0.10.3)
      coderay (~> 1.1.0)
      method_source (~> 0.8.1)
      slop (~> 3.4)
    rake (10.4.2)
    rspec (3.3.0)
      rspec-core (~> 3.3.0)
      rspec-expectations (~> 3.3.0)
      rspec-mocks (~> 3.3.0)
    rspec-core (3.3.2)
      rspec-support (~> 3.3.0)
    rspec-expectations (3.3.1)
      diff-lcs (>= 1.2.0, < 2.0)
      rspec-support (~> 3.3.0)
    rspec-mocks (3.3.2)
      diff-lcs (>= 1.2.0, < 2.0)
      rspec-support (~> 3.3.0)
    rspec-support (3.3.0)
    simplecov (0.10.0)
      docile (~> 1.1.0)
      json (~> 1.8)
      simplecov-html (~> 0.10.0)
    simplecov-html (0.10.0)
    slop (3.6.0)
    url (0.3.2)

PLATFORMS
  ruby

DEPENDENCIES
  action_logic!
  codecov (~> 0.1)
  pry (~> 0.10)
  rake (~> 10)
  rspec (~> 3.3)
  simplecov (~> 0.10.0)

BUNDLED WITH
   1.10.6
